GEM
  remote: https://rubygems.org/
  specs:
    byebug (11.1.3)

PLATFORMS
  x86_64-darwin-20

DEPENDENCIES
  byebug

RUBY VERSION
   ruby 3.2.2p53

BUNDLED WITH
   2.4.20
